PATH
  remote: .
  specs:
    flag (0.0.2)
      redic (~> 1.5.0)

GEM
  remote: http://rubygems.org/
  specs:
    given_core (3.0.0)
      sorcerer (>= 0.3.7)
    hiredis (0.6.1)
    minitest (5.3.5)
    minitest-given (3.0.0)
      given_core (= 3.0.0)
      minitest (> 4.3)
    rake (12.0.0)
    redic (1.5.0)
      hiredis
    sorcerer (1.0.2)

PLATFORMS
  ruby

DEPENDENCIES
  flag!
  minitest (~> 5.3.0)
  minitest-given (~> 3.0.0)
  rake

BUNDLED WITH
   1.14.4
