PATH
  remote: .
  specs:
    flag (1.0.0)
      redic (~> 1.5.0)

GEM
  remote: http://rubygems.org/
  specs:
    clap (1.0.0)
    cutest (1.2.3)
      clap
    hiredis (0.6.3)
    rake (13.0.3)
    redic (1.5.3)
      hiredis

PLATFORMS
  ruby

DEPENDENCIES
  cutest (~> 1.2.3)
  flag!
  rake

BUNDLED WITH
   1.17.2
